GEM
  remote: https://rubygems.org/
  specs:
    aws-sdk (1.46.0)
      json (~> 1.4)
      nokogiri (>= 1.4.4)
    cloudformer (0.0.11)
      aws-sdk
      rake
    json (1.8.1)
    mini_portile (0.6.0)
    nokogiri (1.6.2.1)
      mini_portile (= 0.6.0)
    rake (10.3.2)

PLATFORMS
  ruby

DEPENDENCIES
  cloudformer
